GEM
  remote: https://rubygems.org/
  specs:
    addressable (2.3.6)
    bcrypt (3.1.7)
    bcrypt-ruby (3.1.5)
      bcrypt (>= 3.1.3)
    bibtex-ruby (2.3.4)
      latex-decode (>= 0.0.6)
      multi_json (~> 1.3)
    citeproc-ruby (0.0.6)
      logging (~> 1.5)
      nokogiri (~> 1.5)
    data_objects (0.10.14)
      addressable (~> 2.1)
    dm-adjust (1.2.0)
      dm-core (~> 1.2.0)
    dm-aggregates (1.2.0)
      dm-core (~> 1.2.0)
    dm-core (1.2.1)
      addressable (~> 2.3)
    dm-do-adapter (1.2.0)
      data_objects (~> 0.10.6)
      dm-core (~> 1.2.0)
    dm-is-list (1.2.0)
      dm-adjust (~> 1.2.0)
    dm-migrations (1.2.0)
      dm-core (~> 1.2.0)
    dm-pager (1.1.0)
      dm-aggregates (>= 0.10.1)
      dm-core (>= 0.10.1)
    dm-sqlite-adapter (1.2.0)
      dm-do-adapter (~> 1.2.0)
      do_sqlite3 (~> 0.10.6)
    dm-timestamps (1.2.0)
      dm-core (~> 1.2.0)
    dm-types (1.2.2)
      bcrypt-ruby (~> 3.0)
      dm-core (~> 1.2.0)
      fastercsv (~> 1.5)
      json (~> 1.6)
      multi_json (~> 1.0)
      stringex (~> 1.4)
      uuidtools (~> 2.1)
    dm-validations (1.2.0)
      dm-core (~> 1.2.0)
    do_sqlite3 (0.10.14)
      data_objects (= 0.10.14)
    execjs (2.2.0)
    fastercsv (1.5.5)
    haml (4.0.5)
      tilt
    json (1.8.6)
    latex-decode (0.1.1)
      unicode (~> 0.4)
    little-plugger (1.1.3)
    logging (1.8.2)
      little-plugger (>= 1.1.3)
      multi_json (>= 1.8.4)
    multi_json (1.10.1)
    nokogiri (1.5.11)
    rack (1.6.12)
    rack-protection (1.5.3)
      rack
    shotgun (0.9)
      rack (>= 1.0)
    sinatra (1.4.5)
      rack (~> 1.4)
      rack-protection (~> 1.4)
      tilt (~> 1.3, >= 1.3.4)
    sqlite3 (1.3.9)
    stringex (1.5.1)
    tilt (1.4.1)
    uglifier (2.5.1)
      execjs (>= 0.3.0)
      json (>= 1.8.0)
    unicode (0.4.4.1)
    uuidtools (2.1.4)
    watchr (0.7)

PLATFORMS
  ruby

DEPENDENCIES
  bibtex-ruby (< 3.0)
  citeproc-ruby (< 1.0)
  dm-aggregates
  dm-core (>= 1.0)
  dm-is-list
  dm-migrations (>= 1.0)
  dm-pager
  dm-sqlite-adapter
  dm-timestamps
  dm-types (>= 1.0)
  dm-validations (>= 1.0)
  haml
  json
  nokogiri (>= 1.5.10)
  rack
  shotgun
  sinatra
  sqlite3
  uglifier
  watchr
