GEM
  remote: https://rubygems.org/
  specs:
    addressable (2.8.5)
      public_suffix (>= 2.0.2, < 6.0)
    bibtex-ruby (6.0.0)
      latex-decode (~> 0.0)
    citeproc (1.0.10)
      namae (~> 1.0)
    citeproc-ruby (2.0.0)
      citeproc (~> 1.0, >= 1.0.9)
      csl (~> 2.0)
    csl (2.0.0)
      namae (~> 1.0)
      rexml
    csl-styles (2.0.1)
      csl (~> 2.0)
    data_objects (0.10.17)
      addressable (~> 2.1)
    date (3.3.3)
    dm-adjust (1.0.2)
      dm-core (~> 1.0.2)
    dm-aggregates (1.0.2)
      dm-core (~> 1.0.2)
    dm-core (1.0.2)
      addressable (~> 2.2)
      extlib (~> 0.9.15)
    dm-do-adapter (1.0.2)
      data_objects (~> 0.10.2)
      dm-core (~> 1.0.2)
    dm-is-list (1.0.2)
      dm-adjust (~> 1.0.2)
      dm-core (~> 1.0.2)
    dm-migrations (1.0.2)
      dm-core (~> 1.0.2)
    dm-pager (1.1.0)
      dm-aggregates (>= 0.10.1)
      dm-core (>= 0.10.1)
    dm-sqlite-adapter (1.0.2)
      dm-do-adapter (~> 1.0.2)
      do_sqlite3 (~> 0.10.2)
    dm-timestamps (1.0.2)
      dm-core (~> 1.0.2)
    dm-types (1.0.2)
      dm-core (~> 1.0.2)
      fastercsv (~> 1.5.3)
      json_pure (~> 1.4)
      stringex (~> 1.1.0)
      uuidtools (~> 2.1.1)
    dm-validations (1.0.2)
      dm-core (~> 1.0.2)
    do_sqlite3 (0.10.17)
      data_objects (= 0.10.17)
    execjs (2.9.1)
    extlib (0.9.16)
    fastercsv (1.5.5)
    haml (6.2.3)
      temple (>= 0.8.2)
      thor
      tilt
    json (2.6.3)
    json_pure (1.8.6)
    latex-decode (0.4.0)
    mustermann (3.0.0)
      ruby2_keywords (~> 0.0.1)
    namae (1.1.1)
    net-imap (0.4.4)
      date
      net-protocol
    net-pop (0.1.2)
      net-protocol
    net-protocol (0.2.1)
      timeout
    net-smtp (0.4.0)
      net-protocol
    nio4r (2.5.9)
    nokogiri (1.15.4-arm64-darwin)
      racc (~> 1.4)
    public_suffix (5.0.3)
    puma (6.4.0)
      nio4r (~> 2.0)
    racc (1.7.3)
    rack (2.2.8)
    rack-protection (3.1.0)
      rack (~> 2.2, >= 2.2.4)
    rexml (3.2.6)
    ruby2_keywords (0.0.5)
    shotgun (0.9.2)
      rack (>= 1.0)
    sinatra (3.1.0)
      mustermann (~> 3.0)
      rack (~> 2.2, >= 2.2.4)
      rack-protection (= 3.1.0)
      tilt (~> 2.0)
    sqlite3 (1.6.8-arm64-darwin)
    stringex (1.1.0)
    temple (0.10.3)
    thor (1.3.0)
    tilt (2.3.0)
    timeout (0.4.0)
    uglifier (4.2.0)
      execjs (>= 0.3.0, < 3)
    uuidtools (2.1.5)

PLATFORMS
  arm64-darwin-22

DEPENDENCIES
  bibtex-ruby
  citeproc-ruby
  csl-styles
  dm-aggregates
  dm-core (>= 1.0)
  dm-is-list
  dm-migrations (>= 1.0)
  dm-pager
  dm-sqlite-adapter
  dm-timestamps
  dm-types (>= 1.0)
  dm-validations (>= 1.0)
  execjs
  haml (>= 5.0.0)
  json (>= 2.6.3)
  net-imap
  net-pop
  net-smtp
  nokogiri (>= 1.10.8)
  puma
  rack
  shotgun
  sinatra
  sqlite3
  uglifier

BUNDLED WITH
   2.4.10
